GIT
  remote: git://github.com/collectiveidea/delayed_job.git
  revision: dcd69066144c760922ce2e3e5f538fe1ca6074c5
  specs:
    delayed_job (3.0.0)
      activesupport (~> 3.0)

PATH
  remote: .
  specs:
    vidibus-recording (0.0.5)
      activesupport (~> 3)
      delayed_job_mongoid
      mongoid (~> 2)
      vidibus-uuid

GEM
  remote: http://rubygems.org/
  specs:
    activemodel (3.2.0)
      activesupport (= 3.2.0)
      builder (~> 3.0.0)
    activesupport (3.2.0)
      i18n (~> 0.6)
      multi_json (~> 1.0)
    bson (1.5.2)
    builder (3.0.0)
    delayed_job_mongoid (1.0.8)
      delayed_job (~> 3.0.0)
      mongoid (>= 2.0)
    diff-lcs (1.1.3)
    i18n (0.6.0)
    macaddr (1.5.0)
      systemu (>= 2.4.0)
    mongo (1.5.2)
      bson (= 1.5.2)
    mongoid (2.4.1)
      activemodel (~> 3.1)
      mongo (~> 1.3)
      tzinfo (~> 0.3.22)
    multi_json (1.0.4)
    rake (0.9.2.2)
    rcov (1.0.0)
    rr (1.0.4)
    rspec (2.8.0)
      rspec-core (~> 2.8.0)
      rspec-expectations (~> 2.8.0)
      rspec-mocks (~> 2.8.0)
    rspec-core (2.8.0)
    rspec-expectations (2.8.0)
      diff-lcs (~> 1.1.2)
    rspec-mocks (2.8.0)
    systemu (2.4.2)
    tzinfo (0.3.31)
    uuid (2.3.4)
      macaddr (~> 1.0)
    vidibus-uuid (0.4.1)
      mongoid (~> 2)
      uuid (~> 2.3.1)

PLATFORMS
  ruby

DEPENDENCIES
  activesupport (~> 3)
  bundler (>= 1.0.0)
  delayed_job (= 3.0.0)!
  delayed_job_mongoid
  mongoid (~> 2)
  rake
  rcov
  rr
  rspec (~> 2)
  vidibus-recording!
  vidibus-uuid
