PATH
  remote: .
  specs:
    vidibus-recording (0.0.2)
      delayed_job_mongoid
      mongoid (~> 2.0.0.beta.20)
      vidibus-uuid

GEM
  remote: http://rubygems.org/
  specs:
    activemodel (3.0.3)
      activesupport (= 3.0.3)
      builder (~> 2.1.2)
      i18n (~> 0.4)
    activesupport (3.0.3)
    bson (1.2.0)
    builder (2.1.2)
    daemons (1.1.0)
    delayed_job (2.1.3)
      activesupport (~> 3.0)
      daemons
    delayed_job_mongoid (1.0.2)
      delayed_job (~> 2.1.1)
      mongoid (~> 2.0.0.rc)
    diff-lcs (1.1.2)
    i18n (0.5.0)
    macaddr (1.0.0)
    mongo (1.2.0)
      bson (>= 1.2.0)
    mongoid (2.0.0.rc.6)
      activemodel (~> 3.0)
      mongo (~> 1.2)
      tzinfo (~> 0.3.22)
      will_paginate (~> 3.0.pre)
    rake (0.8.7)
    relevance-rcov (0.9.2.1)
    rr (1.0.2)
    rspec (2.0.1)
      rspec-core (~> 2.0.1)
      rspec-expectations (~> 2.0.1)
      rspec-mocks (~> 2.0.1)
    rspec-core (2.0.1)
    rspec-expectations (2.0.1)
      diff-lcs (>= 1.1.2)
    rspec-mocks (2.0.1)
      rspec-core (~> 2.0.1)
      rspec-expectations (~> 2.0.1)
    tzinfo (0.3.24)
    uuid (2.3.1)
      macaddr (~> 1.0)
    vidibus-uuid (0.3.8)
      mongoid (~> 2.0.0.beta.20)
      uuid (~> 2.3.1)
    will_paginate (3.0.pre2)

PLATFORMS
  ruby

DEPENDENCIES
  bundler (>= 1.0.0)
  delayed_job_mongoid
  mongoid (~> 2.0.0.beta.20)
  rake
  relevance-rcov
  rr
  rspec (~> 2.0.0.beta.20)
  vidibus-recording!
  vidibus-uuid
